GEM
  remote: https://rubygems.org/
  specs:
    activesupport (3.2.22.2)
      i18n (~> 0.6, >= 0.6.4)
      multi_json (~> 1.0)
    addressable (2.4.0)
    capybara (2.7.1)
      addressable
      mime-types (>= 1.16)
      nokogiri (>= 1.3.3)
      rack (>= 1.0.0)
      rack-test (>= 0.5.4)
      xpath (~> 2.0)
    capybara_minitest_spec (1.0.5)
      capybara (>= 2)
      minitest (>= 4)
    coderay (1.1.1)
    coveralls (0.8.13)
      json (~> 1.8)
      simplecov (~> 0.11.0)
      term-ansicolor (~> 1.3)
      thor (~> 0.19.1)
      tins (~> 1.6.0)
    docile (1.1.5)
    ethon (0.9.0)
      ffi (>= 1.3.0)
    excon (0.50.1)
    faraday (0.9.2)
      multipart-post (>= 1.2, < 3)
    ffi (1.9.10)
    ffi (1.9.10-java)
    ffi2-generators (0.1.1)
    foreman (0.82.0)
      thor (~> 0.19.1)
    formatador (0.2.5)
    guard (2.14.0)
      formatador (>= 0.2.4)
      listen (>= 2.7, < 4.0)
      lumberjack (~> 1.0)
      nenv (~> 0.1)
      notiffany (~> 0.0)
      pry (>= 0.9.12)
      shellany (~> 0.0)
      thor (>= 0.18.1)
    guard-bundler (2.1.0)
      bundler (~> 1.0)
      guard (~> 2.2)
      guard-compat (~> 1.1)
    guard-compat (1.2.1)
    guard-minitest (2.4.5)
      guard-compat (~> 1.2)
      minitest (>= 3.0)
    i18n (0.7.0)
    jbuilder (2.5.0)
      activesupport (>= 3.0.0, < 5.1)
      multi_json (~> 1.2)
    json (1.8.3)
    json (1.8.3-java)
    listen (3.1.5)
      rb-fsevent (~> 0.9, >= 0.9.4)
      rb-inotify (~> 0.9, >= 0.9.7)
      ruby_dep (~> 1.2)
    lumberjack (1.0.10)
    method_source (0.8.2)
    mime-types (3.1)
      mime-types-data (~> 3.2015)
    mime-types-data (3.2016.0521)
    mini_portile2 (2.1.0)
    minitest (5.2.1)
    minitest-spec-context (0.0.3)
    multi_json (1.12.1)
    multipart-post (2.0.0)
    nenv (0.3.0)
    neography (1.8.0)
      excon (>= 0.33.0)
      json (>= 1.7.7)
      multi_json (>= 1.3.2)
      os (>= 0.9.6)
      rake (>= 0.8.7)
      rubyzip (>= 1.0.0)
    nokogiri (1.6.8)
      mini_portile2 (~> 2.1.0)
      pkg-config (~> 1.1.7)
    nokogiri (1.6.8-java)
    notiffany (0.1.0)
      nenv (~> 0.1)
      shellany (~> 0.0)
    oj (2.16.1)
    os (0.9.6)
    pkg-config (1.1.7)
    pry (0.10.3)
      coderay (~> 1.1.0)
      method_source (~> 0.8.1)
      slop (~> 3.4)
    pry (0.10.3-java)
      coderay (~> 1.1.0)
      method_source (~> 0.8.1)
      slop (~> 3.4)
      spoon (~> 0.0)
    quacky (0.2.8)
      activesupport (~> 3.2.5)
    racc (1.4.14)
    rack (1.6.4)
    rack-protection (1.5.3)
      rack
    rack-test (0.6.3)
      rack (>= 1.0)
    rake (11.2.2)
    rb-fsevent (0.9.7)
    rb-inotify (0.9.7)
      ffi (>= 0.5.0)
    rubinius-coverage (2.1)
    ruby_dep (1.3.1)
    rubysl (2.2.0)
      rubysl-abbrev (~> 2.0)
      rubysl-base64 (~> 2.0)
      rubysl-benchmark (~> 2.0)
      rubysl-bigdecimal (~> 2.0)
      rubysl-cgi (~> 2.0)
      rubysl-cgi-session (~> 2.0)
      rubysl-cmath (~> 2.0)
      rubysl-complex (~> 2.0)
      rubysl-continuation (~> 2.0)
      rubysl-coverage (~> 2.0)
      rubysl-csv (~> 2.0)
      rubysl-curses (~> 2.0)
      rubysl-date (~> 2.0)
      rubysl-delegate (~> 2.0)
      rubysl-digest (~> 2.0)
      rubysl-drb (~> 2.0)
      rubysl-e2mmap (~> 2.0)
      rubysl-english (~> 2.0)
      rubysl-enumerator (~> 2.0)
      rubysl-erb (~> 2.0)
      rubysl-etc (~> 2.0)
      rubysl-expect (~> 2.0)
      rubysl-fcntl (~> 2.0)
      rubysl-fiber (~> 2.0)
      rubysl-fileutils (~> 2.0)
      rubysl-find (~> 2.0)
      rubysl-forwardable (~> 2.0)
      rubysl-getoptlong (~> 2.0)
      rubysl-gserver (~> 2.0)
      rubysl-io-console (~> 2.0)
      rubysl-io-nonblock (~> 2.0)
      rubysl-io-wait (~> 2.0)
      rubysl-ipaddr (~> 2.0)
      rubysl-irb (~> 2.1)
      rubysl-logger (~> 2.0)
      rubysl-mathn (~> 2.0)
      rubysl-matrix (~> 2.0)
      rubysl-mkmf (~> 2.0)
      rubysl-monitor (~> 2.0)
      rubysl-mutex_m (~> 2.0)
      rubysl-net-ftp (~> 2.0)
      rubysl-net-http (~> 2.0)
      rubysl-net-imap (~> 2.0)
      rubysl-net-pop (~> 2.0)
      rubysl-net-protocol (~> 2.0)
      rubysl-net-smtp (~> 2.0)
      rubysl-net-telnet (~> 2.0)
      rubysl-nkf (~> 2.0)
      rubysl-observer (~> 2.0)
      rubysl-open-uri (~> 2.0)
      rubysl-open3 (~> 2.0)
      rubysl-openssl (~> 2.0)
      rubysl-optparse (~> 2.0)
      rubysl-ostruct (~> 2.0)
      rubysl-pathname (~> 2.0)
      rubysl-prettyprint (~> 2.0)
      rubysl-prime (~> 2.0)
      rubysl-profile (~> 2.0)
      rubysl-profiler (~> 2.0)
      rubysl-pstore (~> 2.0)
      rubysl-pty (~> 2.0)
      rubysl-rational (~> 2.0)
      rubysl-resolv (~> 2.0)
      rubysl-rexml (~> 2.0)
      rubysl-rinda (~> 2.0)
      rubysl-rss (~> 2.0)
      rubysl-scanf (~> 2.0)
      rubysl-securerandom (~> 2.0)
      rubysl-set (~> 2.0)
      rubysl-shellwords (~> 2.0)
      rubysl-singleton (~> 2.0)
      rubysl-socket (~> 2.0)
      rubysl-stringio (~> 2.0)
      rubysl-strscan (~> 2.0)
      rubysl-sync (~> 2.0)
      rubysl-syslog (~> 2.0)
      rubysl-tempfile (~> 2.0)
      rubysl-thread (~> 2.0)
      rubysl-thwait (~> 2.0)
      rubysl-time (~> 2.0)
      rubysl-timeout (~> 2.0)
      rubysl-tmpdir (~> 2.0)
      rubysl-tsort (~> 2.0)
      rubysl-un (~> 2.0)
      rubysl-unicode_normalize (~> 2.0)
      rubysl-uri (~> 2.0)
      rubysl-weakref (~> 2.0)
      rubysl-webrick (~> 2.0)
      rubysl-xmlrpc (~> 2.0)
      rubysl-yaml (~> 2.0)
      rubysl-zlib (~> 2.0)
    rubysl-abbrev (2.0.4)
    rubysl-base64 (2.0.0)
    rubysl-benchmark (2.0.1)
    rubysl-bigdecimal (2.0.2)
    rubysl-cgi (2.0.1)
    rubysl-cgi-session (2.1.0)
    rubysl-cmath (2.0.0)
    rubysl-complex (2.0.0)
    rubysl-continuation (2.0.0)
    rubysl-coverage (2.1)
    rubysl-csv (2.0.2)
      rubysl-english (~> 2.0)
    rubysl-curses (2.0.1)
    rubysl-date (2.0.9)
    rubysl-delegate (2.0.1)
    rubysl-digest (2.0.8)
    rubysl-drb (2.0.1)
    rubysl-e2mmap (2.0.0)
    rubysl-english (2.0.0)
    rubysl-enumerator (2.0.0)
    rubysl-erb (2.0.2)
    rubysl-etc (2.0.3)
      ffi2-generators (~> 0.1)
    rubysl-expect (2.0.0)
    rubysl-fcntl (2.0.4)
      ffi2-generators (~> 0.1)
    rubysl-fiber (2.0.0)
    rubysl-fileutils (2.0.3)
    rubysl-find (2.0.1)
    rubysl-forwardable (2.0.1)
    rubysl-getoptlong (2.0.0)
    rubysl-gserver (2.0.0)
      rubysl-socket (~> 2.0)
      rubysl-thread (~> 2.0)
    rubysl-io-console (2.0.0)
    rubysl-io-nonblock (2.0.0)
    rubysl-io-wait (2.0.0)
    rubysl-ipaddr (2.0.0)
    rubysl-irb (2.1.1)
      rubysl-e2mmap (~> 2.0)
      rubysl-mathn (~> 2.0)
      rubysl-thread (~> 2.0)
    rubysl-logger (2.1.0)
    rubysl-mathn (2.0.0)
    rubysl-matrix (2.1.0)
      rubysl-e2mmap (~> 2.0)
    rubysl-mkmf (2.1)
      rubysl-fileutils (~> 2.0)
      rubysl-shellwords (~> 2.0)
    rubysl-monitor (2.0.0)
    rubysl-mutex_m (2.0.0)
    rubysl-net-ftp (2.0.1)
    rubysl-net-http (2.0.4)
      rubysl-cgi (~> 2.0)
      rubysl-erb (~> 2.0)
      rubysl-singleton (~> 2.0)
    rubysl-net-imap (2.0.1)
    rubysl-net-pop (2.0.1)
    rubysl-net-protocol (2.0.1)
    rubysl-net-smtp (2.0.1)
    rubysl-net-telnet (2.0.0)
    rubysl-nkf (2.0.1)
    rubysl-observer (2.0.0)
    rubysl-open-uri (2.0.0)
    rubysl-open3 (2.0.0)
    rubysl-openssl (2.8.0)
    rubysl-optparse (2.0.1)
      rubysl-shellwords (~> 2.0)
    rubysl-ostruct (2.1.0)
    rubysl-pathname (2.3)
    rubysl-prettyprint (2.0.3)
    rubysl-prime (2.0.1)
    rubysl-profile (2.0.0)
    rubysl-profiler (2.1)
    rubysl-pstore (2.0.0)
    rubysl-pty (2.0.3)
    rubysl-rational (2.0.1)
    rubysl-resolv (2.1.2)
    rubysl-rexml (2.0.4)
    rubysl-rinda (2.0.1)
    rubysl-rss (2.0.0)
    rubysl-scanf (2.0.0)
    rubysl-securerandom (2.0.0)
    rubysl-set (2.0.1)
    rubysl-shellwords (2.0.0)
    rubysl-singleton (2.0.0)
    rubysl-socket (2.1.1)
      rubysl-fcntl (~> 2.0)
    rubysl-stringio (2.1.0)
    rubysl-strscan (2.0.0)
    rubysl-sync (2.0.0)
    rubysl-syslog (2.1.0)
      ffi2-generators (~> 0.1)
    rubysl-tempfile (2.0.1)
    rubysl-thread (2.0.3)
    rubysl-thwait (2.0.0)
    rubysl-time (2.0.3)
    rubysl-timeout (2.0.0)
    rubysl-tmpdir (2.0.1)
    rubysl-tsort (2.0.1)
    rubysl-un (2.0.0)
      rubysl-fileutils (~> 2.0)
      rubysl-optparse (~> 2.0)
    rubysl-unicode_normalize (2.0)
    rubysl-uri (2.0.0)
    rubysl-weakref (2.0.0)
    rubysl-webrick (2.0.0)
    rubysl-xmlrpc (2.0.0)
    rubysl-yaml (2.1.0)
    rubysl-zlib (2.0.1)
    rubyzip (1.2.0)
    sass (3.4.22)
    shellany (0.0.1)
    simplecov (0.11.2)
      docile (~> 1.1.0)
      json (~> 1.8)
      simplecov-html (~> 0.10.0)
    simplecov-html (0.10.0)
    sinatra (1.4.7)
      rack (~> 1.5)
      rack-protection (~> 1.4)
      tilt (>= 1.3, < 3)
    slim (3.0.7)
      temple (~> 0.7.6)
      tilt (>= 1.3.3, < 2.1)
    slop (3.6.0)
    spoon (0.0.4)
      ffi
    temple (0.7.7)
    term-ansicolor (1.3.2)
      tins (~> 1.0)
    thor (0.19.1)
    tilt (2.0.5)
    tilt-jbuilder (0.7.1)
      jbuilder
      tilt (>= 1.3.0, < 3)
    tins (1.6.0)
    typhoeus (1.0.2)
      ethon (>= 0.9.0)
    vcr (3.0.3)
    xpath (2.0.0)
      nokogiri (~> 1.3)

PLATFORMS
  java
  ruby

DEPENDENCIES
  capybara
  capybara_minitest_spec
  coveralls
  faraday
  foreman
  guard
  guard-bundler
  guard-minitest
  minitest (= 5.2.1)
  minitest-spec-context
  multi_json
  neography
  oj
  quacky
  racc
  rack-test
  rake
  rubinius-coverage
  rubysl
  sass
  simplecov
  sinatra (~> 1.4.4)
  slim
  tilt-jbuilder
  typhoeus
  vcr

RUBY VERSION
   ruby 2.3.0p0

BUNDLED WITH
   1.12.5
